GIT
  remote: git://github.com/ctran/annotate_models.git
  revision: a43c08f0eb4d69a48c6830630ebb60e35ccb2d2d
  specs:
    annotate (2.4.1.beta1)

GIT
  remote: git://github.com/justinsaul/social_stream.git
  revision: 3820620b677a5c8131fbee93f5b6821140634f7f
  specs:
    social_stream-base (0.19.2)
      acts-as-taggable-on (~> 2.2.2)
      ancestry (~> 1.2.3)
      avatars_for_rails (>= 0.2.5)
      cancan (>= 1.6.4)
      devise (>= 1.5.3)
      foreigner (~> 1.1.1)
      formtastic (~> 1.2.3)
      i18n-js (~> 2.1.2)
      inherited_resources (~> 1.3.0)
      jquery-rails (>= 1.0.9)
      kaminari (~> 0.13.0)
      mailboxer (~> 0.6.5)
      modernizr-rails (~> 2.0.6)
      omniauth (>= 1.0.2)
      omniauth-facebook (>= 1.2.0)
      omniauth-linkedin (>= 0.0.6)
      rails (>= 3.1.0)
      rails_autolink (~> 1.0.4)
      resque (~> 1.20.0)
      sass-rails (>= 3.1.0)
      social_cheesecake (~> 0.4.0)
      stringex (~> 1.3.0)
      thinking-sphinx (~> 2.0.8)
    social_stream-documents (0.13.2)
      delayed_paperclip (= 2.4.5.1)
      paperclip (= 2.4.5)
      paperclip-ffmpeg (~> 0.7.0)
      social_stream-base (~> 0.19.2)
    social_stream-linkser (0.9.0)
      linkser (~> 0.0.10)
      social_stream-base (~> 0.19.0)
    social_stream-presence (0.12.0)
      net-sftp
      net-ssh
      social_stream-base (~> 0.19.0)
      xmpp4r

GIT
  remote: git://github.com/parasquid/opengraph.git
  revision: 4d006b09c678dd02f5329f7c1776c3f8afefe329
  specs:
    opengraph (0.0.4)
      hashie
      httparty
      httparty (~> 0.8.1)
      nokogiri
      nokogiri (~> 1.5.0)

GIT
  remote: git://github.com/tramuntanal/Heritage.git
  revision: 7beab7e97716261568e122461df7bff712013802
  specs:
    heritage (0.3.1)

GEM
  remote: https://rubygems.org/
  specs:
    actionmailer (3.2.1)
      actionpack (= 3.2.1)
      mail (~> 2.4.0)
    actionpack (3.2.1)
      activemodel (= 3.2.1)
      activesupport (= 3.2.1)
      builder (~> 3.0.0)
      erubis (~> 2.7.0)
      journey (~> 1.0.1)
      rack (~> 1.4.0)
      rack-cache (~> 1.1)
      rack-test (~> 0.6.1)
      sprockets (~> 2.1.2)
    activemodel (3.2.1)
      activesupport (= 3.2.1)
      builder (~> 3.0.0)
    activerecord (3.2.1)
      activemodel (= 3.2.1)
      activesupport (= 3.2.1)
      arel (~> 3.0.0)
      tzinfo (~> 0.3.29)
    activeresource (3.2.1)
      activemodel (= 3.2.1)
      activesupport (= 3.2.1)
    activesupport (3.2.1)
      i18n (~> 0.6)
      multi_json (~> 1.0)
    acts-as-taggable-on (2.2.2)
      rails (~> 3.0)
    ancestry (1.2.5)
      activerecord (>= 2.2.2)
    arel (3.0.2)
    avatars_for_rails (0.2.6)
      foreigner (>= 0.9.1)
      jquery-rails (>= 1.0.9)
      paperclip (>= 2.3.4)
      rmagick (>= 2.13.1)
    bcrypt-ruby (3.0.1)
    bootstrap_forms (1.0.5)
    builder (3.0.0)
    cancan (1.6.7)
    carrierwave (0.6.2)
      activemodel (>= 3.2.0)
      activesupport (>= 3.2.0)
    cocaine (0.2.1)
    coffee-rails (3.2.2)
      coffee-script (>= 2.2.0)
      railties (~> 3.2.0)
    coffee-script (2.2.0)
      coffee-script-source
      execjs
    coffee-script-source (1.2.0)
    commonjs (0.2.5)
    delayed_paperclip (2.4.5.1)
      paperclip (>= 2.4.5)
    devise (2.0.4)
      bcrypt-ruby (~> 3.0)
      orm_adapter (~> 0.0.3)
      railties (~> 3.1)
      warden (~> 1.1.1)
    ejs (1.0.0)
    erubis (2.7.0)
    execjs (1.3.0)
      multi_json (~> 1.0)
    faraday (0.8.0)
      multipart-post (~> 1.1)
    foreigner (1.1.6)
      activerecord (>= 3.0.0)
    formtastic (1.2.4)
      actionpack (>= 2.3.7)
      activesupport (>= 2.3.7)
      i18n (~> 0.4)
    haml (3.1.4)
    haml-rails (0.3.4)
      actionpack (~> 3.0)
      activesupport (~> 3.0)
      haml (~> 3.0)
      railties (~> 3.0)
    has_scope (0.5.1)
    hashie (1.2.0)
    hike (1.2.1)
    hpricot (0.8.6)
    httparty (0.8.1)
      multi_json
      multi_xml
    httpauth (0.1)
    i18n (0.6.0)
    i18n-js (2.1.2)
      i18n
    inherited_resources (1.3.1)
      has_scope (~> 0.5.0)
      responders (~> 0.6)
    journey (1.0.3)
    jquery-rails (2.0.2)
      railties (>= 3.2.0, < 5.0)
      thor (~> 0.14)
    json (1.6.6)
    kaminari (0.13.0)
      actionpack (>= 3.0.0)
      activesupport (>= 3.0.0)
      railties (>= 3.0.0)
    less (2.1.0)
      commonjs (~> 0.2.0)
      therubyracer (~> 0.10.0)
    less-rails (2.2.0)
      actionpack (>= 3.1)
      less (~> 2.1.0)
    less-rails-bootstrap (2.0.10)
      less-rails (~> 2.2.0)
    libv8 (3.3.10.4)
    linkser (0.0.11)
      nokogiri (>= 1.4.0)
      opengraph (~> 0.0.4)
      rake
      rmagick (~> 2.13.1)
      ruby-imagespec (~> 0.2.0)
    mail (2.4.4)
      i18n (>= 0.4.0)
      mime-types (~> 1.16)
      treetop (~> 1.4.8)
    mailboxer (0.6.5)
      carrierwave (>= 0.5.8)
      foreigner (>= 0.9.1)
      rails (> 3.0.0)
    metaclass (0.0.1)
    mime-types (1.18)
    mobylette (1.6.0)
      actionpack (>= 3.0)
    mocha (0.10.4)
      metaclass (~> 0.0.1)
    modernizr-rails (2.0.6)
    multi_json (1.3.2)
    multi_xml (0.4.2)
    multipart-post (1.1.5)
    net-sftp (2.0.5)
      net-ssh (>= 2.0.9)
    net-ssh (2.3.0)
    nifty-generators (0.4.6)
    nokogiri (1.5.0)
    oauth (0.4.6)
    oauth2 (0.6.1)
      faraday (~> 0.7)
      httpauth (~> 0.1)
      multi_json (~> 1.3)
    omniauth (1.1.0)
      hashie (~> 1.2)
      rack
    omniauth-facebook (1.2.0)
      omniauth-oauth2 (~> 1.0.0)
    omniauth-linkedin (0.0.6)
      omniauth-oauth (~> 1.0.0)
    omniauth-oauth (1.0.1)
      oauth
      omniauth (~> 1.0)
    omniauth-oauth2 (1.0.1)
      oauth2 (~> 0.6.0)
      omniauth (~> 1.0)
    omniauth-twitter (0.0.8)
      omniauth-oauth (~> 1.0)
    orm_adapter (0.0.6)
    paperclip (2.4.5)
      activerecord (>= 2.3.0)
      activesupport (>= 2.3.2)
      cocaine (>= 0.0.2)
      mime-types
    paperclip-ffmpeg (0.7.0)
      paperclip (>= 2.3.8)
    pg (0.13.1)
    polyglot (0.3.3)
    rack (1.4.1)
    rack-cache (1.2)
      rack (>= 0.4)
    rack-protection (1.2.0)
      rack
    rack-ssl (1.3.2)
      rack
    rack-test (0.6.1)
      rack (>= 1.0)
    rails (3.2.1)
      actionmailer (= 3.2.1)
      actionpack (= 3.2.1)
      activerecord (= 3.2.1)
      activeresource (= 3.2.1)
      activesupport (= 3.2.1)
      bundler (~> 1.0)
      railties (= 3.2.1)
    rails-backbone (0.7.0)
      coffee-script (~> 2.2.0)
      ejs (~> 1.0.0)
      railties (>= 3.1.0)
    rails_autolink (1.0.6)
      rails (~> 3.1)
    railties (3.2.1)
      actionpack (= 3.2.1)
      activesupport (= 3.2.1)
      rack-ssl (~> 1.3.2)
      rake (>= 0.8.7)
      rdoc (~> 3.4)
      thor (~> 0.14.6)
    rake (0.9.2.2)
    rdoc (3.12)
      json (~> 1.4)
    redis (2.2.2)
    redis-namespace (1.0.3)
      redis (< 3.0.0)
    responders (0.9.1)
      railties (~> 3.1)
    resque (1.20.0)
      multi_json (~> 1.0)
      redis-namespace (~> 1.0.2)
      sinatra (>= 0.9.2)
      vegas (~> 0.1.2)
    riddle (1.5.1)
    rmagick (2.13.1)
    ruby-imagespec (0.2.0)
    ruby_parser (2.3.1)
      sexp_processor (~> 3.0)
    sass (3.1.16)
    sass-rails (3.2.5)
      railties (~> 3.2.0)
      sass (>= 3.1.10)
      tilt (~> 1.3)
    settingslogic (2.0.8)
    sexp_processor (3.0.10)
    sinatra (1.3.2)
      rack (~> 1.3, >= 1.3.6)
      rack-protection (~> 1.2)
      tilt (~> 1.3, >= 1.3.3)
    social_cheesecake (0.4.0)
      railties (>= 3.1.3)
    sprockets (2.1.2)
      hike (~> 1.2)
      rack (~> 1.0)
      tilt (~> 1.1, != 1.3.0)
    sqlite3 (1.3.5)
    stringex (1.3.3)
    therubyracer (0.10.1)
      libv8 (~> 3.3.10)
    thinking-sphinx (2.0.11)
      activerecord (>= 3.0.3)
      builder (>= 2.1.2)
      riddle (>= 1.5.0)
    thor (0.14.6)
    tilt (1.3.3)
    treetop (1.4.10)
      polyglot
      polyglot (>= 0.3.1)
    tzinfo (0.3.33)
    uglifier (1.2.3)
      execjs (>= 0.3.0)
      multi_json (>= 1.0.2)
    vegas (0.1.11)
      rack (>= 1.0.0)
    warden (1.1.1)
      rack (>= 1.0)
    xmpp4r (0.5)

PLATFORMS
  ruby

DEPENDENCIES
  annotate!
  bootstrap_forms
  cancan
  coffee-rails (~> 3.2.1)
  devise
  haml
  haml-rails
  heritage!
  hpricot
  jquery-rails
  less
  less-rails (>= 2.0.0)
  less-rails-bootstrap (>= 2.0.0)
  mobylette
  mocha
  nifty-generators
  nokogiri
  omniauth-facebook
  omniauth-twitter
  opengraph!
  pg
  rails (= 3.2.1)
  rails-backbone
  ruby_parser
  sass-rails (~> 3.2.3)
  settingslogic
  social_stream-base!
  social_stream-documents!
  social_stream-linkser!
  social_stream-presence!
  sqlite3
  uglifier (>= 1.0.3)
